PATH
  remote: .
  specs:
    goodcheck (0.3.0)
      activesupport (~> 5.0)
      rainbow (~> 3.0.0)
      strong_json (~> 0.5.0)

GEM
  remote: https://rubygems.org/
  specs:
    activesupport (5.1.4)
      concurrent-ruby (~> 1.0, >= 1.0.2)
      i18n (~> 0.7)
      minitest (~> 5.1)
      tzinfo (~> 1.1)
    concurrent-ruby (1.0.5)
    i18n (0.9.1)
      concurrent-ruby (~> 1.0)
    minitest (5.10.3)
    rainbow (3.0.0)
    rake (10.5.0)
    strong_json (0.5.0)
    thread_safe (0.3.6)
    tzinfo (1.2.4)
      thread_safe (~> 0.1)

PLATFORMS
  ruby

DEPENDENCIES
  bundler (~> 1.16)
  goodcheck!
  minitest (~> 5.0)
  rake (~> 10.0)

BUNDLED WITH
   1.16.0
